GEM
  remote: https://rubygems.org/
  specs:
    activesupport (5.2.1)
      concurrent-ruby (~> 1.0, >= 1.0.2)
      i18n (>= 0.7, < 2)
      minitest (~> 5.1)
      tzinfo (~> 1.1)
    concurrent-ruby (1.0.5)
    goodcheck (1.4.1)
      activesupport (~> 5.0)
      httpclient (~> 2.8.3)
      rainbow (~> 3.0.0)
      strong_json (~> 0.7.1)
    httpclient (2.8.3)
    i18n (1.1.1)
      concurrent-ruby (~> 1.0)
    minitest (5.11.3)
    mustermann (1.0.3)
    rack (2.0.5)
    rack-protection (2.0.4)
      rack
    rainbow (3.0.0)
    sinatra (2.0.4)
      mustermann (~> 1.0)
      rack (~> 2.0)
      rack-protection (= 2.0.4)
      tilt (~> 2.0)
    strong_json (0.7.1)
    thread_safe (0.3.6)
    tilt (2.0.8)
    tzinfo (1.2.5)
      thread_safe (~> 0.1)

PLATFORMS
  ruby

DEPENDENCIES
  goodcheck
  sinatra

BUNDLED WITH
   1.17.1
